GEM
  remote: https://rubygems.org/
  specs:
    git (1.5.0)
    yajl-ruby (1.4.1)

PLATFORMS
  ruby

DEPENDENCIES
  git
  yajl-ruby

BUNDLED WITH
   2.1.0.pre.2
