GEM
  remote: https://rubygems.org/
  specs:
    docker-api (1.34.2)
      excon (>= 0.47.0)
      multi_json
    duplicate (1.1.1)
    excon (0.73.0)
    git (1.5.0)
    multi_json (1.14.1)
    yajl-ruby (1.4.1)

PLATFORMS
  ruby

DEPENDENCIES
  docker-api
  duplicate
  git
  yajl-ruby

BUNDLED WITH
   2.1.2
