GIT
  remote: git@github.com:engines/logger
  revision: ee47242ed9442d06a11d982d1be6e06b87fbcfe3
  specs:
    engines-logger (0.2.0)
      dry-inflector (~> 0.1)
      logging (~> 2.3)

PATH
  remote: .
  specs:
    spaces (0.1.0)
      addressable (~> 2.7)
      duplicate (~> 1.1)
      engines-logger (= 0.2.0)
      git (~> 1.8)
      i18n (~> 1.8)
      yajl-ruby (~> 1.4)

GEM
  remote: https://rubygems.org/
  specs:
    addressable (2.7.0)
      public_suffix (>= 2.0.2, < 5.0)
    byebug (11.1.3)
    coderay (1.1.3)
    concurrent-ruby (1.1.7)
    dry-inflector (0.2.0)
    duplicate (1.1.1)
    execjs (2.7.0)
    git (1.8.1)
      rchardet (~> 1.8)
    i18n (1.8.7)
      concurrent-ruby (~> 1.0)
    little-plugger (1.1.4)
    logging (2.3.0)
      little-plugger (~> 1.1)
      multi_json (~> 1.14)
    method_source (1.0.0)
    multi_json (1.15.0)
    pry (0.13.1)
      coderay (~> 1.1)
      method_source (~> 1.0)
    public_suffix (4.0.6)
    rchardet (1.8.0)
    ripper-tags (0.9.0)
    uglifier (4.2.0)
      execjs (>= 0.3.0, < 3)
    yajl-ruby (1.4.1)
    yard (0.9.26)

PLATFORMS
  ruby

DEPENDENCIES
  byebug
  engines-logger (= 0.2.0)!
  pry
  ripper-tags
  spaces!
  uglifier
  yard (~> 0.9)

BUNDLED WITH
   2.2.5
