GIT
  remote: git@github.com:engines/logger
  revision: 42dd990e90312e57c5aa01fe7bb0bf7b80a09574
  specs:
    engines-logger (0.2.0)
      dry-inflector (~> 0.1)
      logging (~> 2.3)

PATH
  remote: .
  specs:
    spaces (0.1.0)
      addressable (~> 2.8)
      docker-api (~> 2.1)
      duplicate (~> 1.1)
      engines-logger (= 0.2.0)
      git (~> 1.8)
      i18n (~> 1.8)
      packer-client (= 0.2.0)
      ruby-terraform (= 0.64)
      yajl-ruby (~> 1.4)

GEM
  remote: https://rubygems.org/
  specs:
    addressable (2.8.0)
      public_suffix (>= 2.0.2, < 5.0)
    byebug (11.1.3)
    coderay (1.1.3)
    concurrent-ruby (1.1.9)
    docker-api (2.2.0)
      excon (>= 0.47.0)
      multi_json
    dry-inflector (0.2.1)
    duplicate (1.1.1)
    excon (0.87.0)
    execjs (2.8.1)
    git (1.9.1)
      rchardet (~> 1.8)
    hamster (3.0.0)
      concurrent-ruby (~> 1.0)
    i18n (1.8.10)
      concurrent-ruby (~> 1.0)
    io-console (0.5.9)
    irb (1.3.7)
      reline (>= 0.2.7)
    lino (3.0.0)
      hamster (~> 3.0)
      open4 (~> 1.3)
    little-plugger (1.1.4)
    logging (2.3.0)
      little-plugger (~> 1.1)
      multi_json (~> 1.14)
    method_source (1.0.0)
    mixlib-shellout (2.4.4)
    multi_json (1.15.0)
    open4 (1.3.4)
    os (0.9.6)
    packer-client (0.2.0)
      mixlib-shellout (~> 2.2)
      os (~> 0.9)
    pry (0.14.1)
      coderay (~> 1.1)
      method_source (~> 1.0)
    public_suffix (4.0.6)
    rchardet (1.8.0)
    reline (0.2.7)
      io-console (~> 0.5)
    ripper-tags (0.9.0)
    ruby-terraform (0.64.0)
      lino (>= 1.5)
    uglifier (4.2.0)
      execjs (>= 0.3.0, < 3)
    yajl-ruby (1.4.1)
    yard (0.9.26)

PLATFORMS
  ruby
  x86_64-linux

DEPENDENCIES
  byebug
  docker-api
  engines-logger (= 0.2.0)!
  irb
  pry
  ripper-tags
  spaces!
  uglifier
  yard (~> 0.9)

BUNDLED WITH
   2.2.29
