GEM
  remote: https://rubygems.org/
  specs:
    backports (3.17.1)
    byebug (11.1.3)
    concurrent-ruby (1.1.6)
    daemons (1.3.1)
    duplicate (1.1.1)
    eventmachine (1.2.7)
    execjs (2.7.0)
    git (1.7.0)
      rchardet (~> 1.8)
    hamster (3.0.0)
      concurrent-ruby (~> 1.0)
    i18n (1.8.2)
      concurrent-ruby (~> 1.0)
    lino (1.3.0)
      hamster (~> 3.0)
      open4 (~> 1.3)
    mixlib-shellout (2.4.4)
    multi_json (1.14.1)
    mustermann (1.1.1)
      ruby2_keywords (~> 0.0.1)
    open4 (1.3.4)
    os (0.9.6)
    packer-client (0.2.0)
      mixlib-shellout (~> 2.2)
      os (~> 0.9)
    rack (2.2.3)
    rack-protection (2.0.8.1)
      rack
    rchardet (1.8.0)
    ruby-terraform (0.56.0)
      lino (>= 1.1, < 2)
    ruby2_keywords (0.0.2)
    sinatra (2.0.8.1)
      mustermann (~> 1.0)
      rack (~> 2.0)
      rack-protection (= 2.0.8.1)
      tilt (~> 2.0)
    sinatra-contrib (2.0.8.1)
      backports (>= 2.8.2)
      multi_json
      mustermann (~> 1.0)
      rack-protection (= 2.0.8.1)
      sinatra (= 2.0.8.1)
      tilt (~> 2.0)
    thin (1.7.2)
      daemons (~> 1.0, >= 1.0.9)
      eventmachine (~> 1.0, >= 1.0.4)
      rack (>= 1, < 3)
    tilt (2.0.10)
    uglifier (4.2.0)
      execjs (>= 0.3.0, < 3)
    yajl-ruby (1.4.1)

PLATFORMS
  ruby

DEPENDENCIES
  byebug
  duplicate
  git
  i18n
  packer-client
  ruby-terraform
  sinatra
  sinatra-contrib
  thin
  uglifier
  yajl-ruby

BUNDLED WITH
   2.1.2
