GIT
  remote: git@github.com:engines/logger
  revision: ee47242ed9442d06a11d982d1be6e06b87fbcfe3
  specs:
    engines-logger (0.2.0)
      dry-inflector (~> 0.1)
      logging (~> 2.3)

PATH
  remote: .
  specs:
    spaces (0.1.0)
      addressable (~> 2.7)
      duplicate (~> 1.1)
      engines-logger (= 0.2.0)
      git (~> 1.8)
      i18n (~> 1.8)
      yajl-ruby (~> 1.4)

GEM
  remote: https://rubygems.org/
  specs:
    addressable (2.7.0)
      public_suffix (>= 2.0.2, < 5.0)
    byebug (11.1.3)
    coderay (1.1.3)
    concurrent-ruby (1.1.7)
    daemons (1.3.1)
    dry-inflector (0.2.0)
    duplicate (1.1.1)
    eventmachine (1.2.7)
    execjs (2.7.0)
    git (1.8.1)
      rchardet (~> 1.8)
    i18n (1.8.7)
      concurrent-ruby (~> 1.0)
    little-plugger (1.1.4)
    logging (2.3.0)
      little-plugger (~> 1.1)
      multi_json (~> 1.14)
    method_source (1.0.0)
    multi_json (1.15.0)
    mustermann (1.1.1)
      ruby2_keywords (~> 0.0.1)
    pry (0.13.1)
      coderay (~> 1.1)
      method_source (~> 1.0)
    public_suffix (4.0.6)
    rack (2.2.3)
    rack-protection (2.1.0)
      rack
    rchardet (1.8.0)
    ripper-tags (0.9.0)
    ruby2_keywords (0.0.2)
    sinatra (2.1.0)
      mustermann (~> 1.0)
      rack (~> 2.2)
      rack-protection (= 2.1.0)
      tilt (~> 2.0)
    sinatra-contrib (2.1.0)
      multi_json
      mustermann (~> 1.0)
      rack-protection (= 2.1.0)
      sinatra (= 2.1.0)
      tilt (~> 2.0)
    thin (1.8.0)
      daemons (~> 1.0, >= 1.0.9)
      eventmachine (~> 1.0, >= 1.0.4)
      rack (>= 1, < 3)
    tilt (2.0.10)
    uglifier (4.2.0)
      execjs (>= 0.3.0, < 3)
    yajl-ruby (1.4.1)
    yard (0.9.26)

PLATFORMS
  ruby

DEPENDENCIES
  byebug
  engines-logger (= 0.2.0)!
  pry
  ripper-tags
  sinatra
  sinatra-contrib
  spaces!
  thin
  uglifier
  yard (~> 0.9)

BUNDLED WITH
   2.2.4
