GIT
  remote: git@github.com:engines/logger
  revision: ee47242ed9442d06a11d982d1be6e06b87fbcfe3
  specs:
    engines-logger (0.2.0)
      dry-inflector (~> 0.1)
      logging (~> 2.3)

GEM
  remote: https://rubygems.org/
  specs:
    addressable (2.7.0)
      public_suffix (>= 2.0.2, < 5.0)
    byebug (11.1.3)
    coderay (1.1.3)
    concurrent-ruby (1.1.7)
    daemons (1.3.1)
    dry-inflector (0.2.0)
    duplicate (1.1.1)
    eventmachine (1.2.7)
    execjs (2.7.0)
    fastimage (2.2.0)
    git (1.7.0)
      rchardet (~> 1.8)
    hamster (3.0.0)
      concurrent-ruby (~> 1.0)
    i18n (1.8.5)
      concurrent-ruby (~> 1.0)
    letter_avatar (0.3.8)
    lino (1.5.0)
      hamster (~> 3.0)
      open4 (~> 1.3)
    little-plugger (1.1.4)
    logging (2.3.0)
      little-plugger (~> 1.1)
      multi_json (~> 1.14)
    method_source (1.0.0)
    mini_magick (4.11.0)
    mixlib-shellout (2.4.4)
    multi_json (1.15.0)
    mustermann (1.1.1)
      ruby2_keywords (~> 0.0.1)
    open4 (1.3.4)
    os (0.9.6)
    packer-client (0.2.0)
      mixlib-shellout (~> 2.2)
      os (~> 0.9)
    pry (0.13.1)
      coderay (~> 1.1)
      method_source (~> 1.0)
    public_suffix (4.0.6)
    rack (2.2.3)
    rack-protection (2.1.0)
      rack
    rchardet (1.8.0)
    ripper-tags (0.9.0)
    ruby-terraform (0.62.0)
      lino (>= 1.5)
    ruby2_keywords (0.0.2)
    sinatra (2.1.0)
      mustermann (~> 1.0)
      rack (~> 2.2)
      rack-protection (= 2.1.0)
      tilt (~> 2.0)
    sinatra-contrib (2.1.0)
      multi_json
      mustermann (~> 1.0)
      rack-protection (= 2.1.0)
      sinatra (= 2.1.0)
      tilt (~> 2.0)
    thin (1.8.0)
      daemons (~> 1.0, >= 1.0.9)
      eventmachine (~> 1.0, >= 1.0.4)
      rack (>= 1, < 3)
    tilt (2.0.10)
    uglifier (4.2.0)
      execjs (>= 0.3.0, < 3)
    yajl-ruby (1.4.1)
    yard (0.9.25)

PLATFORMS
  ruby

DEPENDENCIES
  addressable
  byebug
  duplicate
  engines-logger (= 0.2.0)!
  fastimage
  git
  i18n
  letter_avatar
  mini_magick
  packer-client
  pry
  ripper-tags
  ruby-terraform
  sinatra
  sinatra-contrib
  thin
  uglifier
  yajl-ruby
  yard (~> 0.9)

BUNDLED WITH
   2.1.4
